{
    "Modality": "MR",
    "MagneticFieldStrength": 3,
    "ImagingFrequency": 123.255,
    "Manufacturer": "Siemens",
    "ManufacturersModelName": "Prisma_fit",
    "InstitutionName": "STRATUM University",
    "PatientPosition": "HFS",
    "SoftwareVersions": "syngo_MR_E11",
    "MRAcquisitionType": "2D",
    "SeriesDescription": "fMRI_Resting_State",
    "ProtocolName": "fMRI_Resting_State",
    "ScanningSequence": "EP",
    "SequenceVariant": "SK",
    "ScanOptions": "FS",
    "SequenceName": "epfid2d1_64",
    "ImageType": ["ORIGINAL", "PRIMARY", "M", "ND", "MOSAIC"],
    "SeriesNumber": 4,
    "AcquisitionTime": "14:20:30.000000",
    "AcquisitionNumber": 1,
    "SliceThickness": 3,
    "SpacingBetweenSlices": 3,
    "SAR": 0.08,
    "EchoTime": 0.030,
    "RepetitionTime": 2.0,
    "FlipAngle": 90,
    "PartialFourier": 1,
    "BaseResolution": 64,
    "ShimSetting": [
        21,
        -12,
        -15,
        -2,
        0,
        -3,
        1,
        0
    ],
    "TxRefAmp": 240.5,
    "PhaseResolution": 1,
    "ReceiveCoilName": "HeadNeck_20",
    "PulseSequenceDetails": "%SiemensSeq%_ep2d_bold",
    "ConsistencyInfo": "N4_VE11C_LATEST_20160120",
    "PercentPhaseFOV": 100,
    "EchoTrainLength": 31,
    "PhaseEncodingSteps": 63,
    "AcquisitionMatrixPE": 64,
    "ReconMatrixPE": 64,
    "BandwidthPerPixelPhaseEncode": 63.9,
    "EffectiveEchoSpacing": 0.00024,
    "DerivedVendorReportedEchoSpacing": 0.00049,
    "TotalReadoutTime": 0.015,
    "PixelBandwidth": 2605,
    "DwellTime": 3e-06,
    "PhaseEncodingDirection": "j-",
    "SliceTiming": [
        0,
        1.0,
        0.06,
        1.06,
        0.12,
        1.12,
        0.18,
        1.18,
        0.24,
        1.24
    ],
    "In-planePhaseEncodingDirectionDICOM": "COL",
    "ConversionSoftware": "dcm2niix",
    "ConversionSoftwareVersion": "v1.0.20181125  GCC7.3.0"
}
